PATH
  remote: .
  specs:
    jasper-client (0.1.1)
      nokogiri (~> 1.5.5)
      rest-client (~> 1.6.6)

GEM
  remote: http://rubygems.org/
  specs:
    builder (3.0.0)
    mime-types (1.19)
    nokogiri (1.5.5)
    rake (0.9.2.2)
    rest-client (1.6.7)
      mime-types (>= 1.16)
    shoulda (3.0.1)
      shoulda-context (~> 1.0.0)
      shoulda-matchers (~> 1.0.0)
    shoulda-context (1.0.0)
    shoulda-matchers (1.0.0)
    test-unit (2.5.1)

PLATFORMS
  ruby

DEPENDENCIES
  builder
  jasper-client!
  rake
  shoulda (~> 3.0.1)
  test-unit (~> 2.5.1)
